PATH
  remote: .
  specs:
    api_diff (0.3.3)

GEM
  remote: https://rubygems.org/
  specs:
    byebug (11.1.3)
    minitest (5.14.4)
    rake (12.3.3)

PLATFORMS
  ruby
  universal-darwin-20

DEPENDENCIES
  api_diff!
  byebug (~> 11)
  minitest (~> 5.0)
  rake (~> 12.0)

BUNDLED WITH
   2.2.17
